GEM
  remote: https://rubygems.org/
  specs:
    chunky_png (1.2.5)

PLATFORMS
  ruby

DEPENDENCIES
  chunky_png
